PATH
  remote: .
  specs:
    graphql-sources (1.1.1)
      graphql
      rails
      zeitwerk

GEM
  remote: https://rubygems.org/
  specs:
    actionmailer (0.6.1)
      actionpack (>= 0.9.5)
    actionpack (1.4.0)
    activerecord (3.2.14)
    activesupport (6.1.7)
      concurrent-ruby (~> 1.0, >= 1.0.2)
      i18n (>= 1.6, < 2)
      minitest (>= 5.1)
      tzinfo (~> 2.0)
      zeitwerk (~> 2.3)
    ast (2.4.2)
    concurrent-ruby (1.1.10)
    debug (1.7.0)
      irb (>= 1.5.0)
      reline (>= 0.3.1)
    diff-lcs (1.1.3)
    docile (1.4.0)
    factory_bot (6.2.1)
      activesupport (>= 5.0.0)
    graphql (2.0.16)
    i18n (1.12.0)
      concurrent-ruby (~> 1.0)
    io-console (0.5.11)
    irb (1.6.1)
      reline (>= 0.3.0)
    json (2.6.3)
    minitest (5.17.0)
    parallel (1.22.1)
    parser (3.1.3.0)
      ast (~> 2.4.1)
    pg (1.4.5)
    rack (3.0.3)
    rails (0.9.5)
      actionmailer (>= 0.6.1)
      actionpack (>= 1.4.0)
      activerecord (>= 1.6.0)
      rake (>= 0.4.15)
    rainbow (3.1.1)
    rake (13.0.6)
    regexp_parser (2.6.1)
    reline (0.3.2)
      io-console (~> 0.5)
    rexml (3.2.5)
    rspec (2.1.0)
      rspec-core (~> 2.1.0)
      rspec-expectations (~> 2.1.0)
      rspec-mocks (~> 2.1.0)
    rspec-core (2.1.0)
    rspec-expectations (2.1.0)
      diff-lcs (~> 1.1.2)
    rspec-mocks (2.1.0)
    rspec-rails (2.1.0)
      rspec (~> 2.1.0)
    rspec_junit_formatter (0.6.0)
      rspec-core (>= 2, < 4, != 2.12.0)
    rubocop (1.42.0)
      json (~> 2.3)
      parallel (~> 1.10)
      parser (>= 3.1.2.1)
      rainbow (>= 2.2.2, < 4.0)
      regexp_parser (>= 1.8, < 3.0)
      rexml (>= 3.2.5, < 4.0)
      rubocop-ast (>= 1.24.1, < 2.0)
      ruby-progressbar (~> 1.7)
      unicode-display_width (>= 1.4.0, < 3.0)
    rubocop-ast (1.24.1)
      parser (>= 3.1.1.0)
    rubocop-rails (2.17.4)
      activesupport (>= 4.2.0)
      rack (>= 1.1)
      rubocop (>= 1.33.0, < 2.0)
    rubocop-rake (0.6.0)
      rubocop (~> 1.0)
    rubocop-rspec (2.16.0)
      rubocop (~> 1.33)
    ruby-progressbar (1.11.0)
    simplecov (0.22.0)
      docile (~> 1.1)
      simplecov-html (~> 0.11)
      simplecov_json_formatter (~> 0.1)
    simplecov-html (0.12.3)
    simplecov_json_formatter (0.1.4)
    tzinfo (2.0.5)
      concurrent-ruby (~> 1.0)
    unicode-display_width (2.3.0)
    zeitwerk (2.6.6)

PLATFORMS
  x86_64-darwin
  x86_64-linux

DEPENDENCIES
  debug
  factory_bot
  graphql-sources!
  pg
  rspec-rails
  rspec_junit_formatter
  rubocop
  rubocop-rails
  rubocop-rake
  rubocop-rspec
  simplecov

BUNDLED WITH
   2.3.25
